GEM
  remote: http://rubygems.org/
  specs:
    rack (1.4.7)
    rackproxy (0.0.2)
      rack (~> 1.4.1)

PLATFORMS
  ruby

DEPENDENCIES
  rack
  rackproxy
